PATH
  remote: .
  specs:
    countries (0.9.3)
      currencies (~> 0.4.2)

GEM
  remote: https://rubygems.org/
  specs:
    currencies (0.4.2)
    diff-lcs (1.1.3)
    rake (13.0.1)
    rspec (2.10.0)
      rspec-core (~> 2.10.0)
      rspec-expectations (~> 2.10.0)
      rspec-mocks (~> 2.10.0)
    rspec-core (2.10.0)
    rspec-expectations (2.10.0)
      diff-lcs (~> 1.1.3)
    rspec-mocks (2.10.1)
    yard (0.6.4)

PLATFORMS
  ruby

DEPENDENCIES
  countries!
  rake (>= 12.3.3)
  rspec
  yard
